ObjectType = Image
NDims = 3
BinaryData = True
BinaryDataByteOrderMSB = False
CompressedData = False
TransformMatrix = 1 0 0 0 1 0 0 0 1
Offset = -210.106 -318.106 984.5
CenterOfRotation = 0 0 0
AnatomicalOrientation = RAI
ElementSpacing = 0.787109 0.787109 2
DimSize = 512 512 338
ElementType = MET_SHORT
ElementDataFile = 121801.raw
