ObjectType = Image
NDims = 3
BinaryData = True
BinaryDataByteOrderMSB = False
CompressedData = False
TransformMatrix = 1 0 0 0 1 0 0 0 1
Offset = -210.106 -335.606 651
CenterOfRotation = 0 0 0
AnatomicalOrientation = RAI
ElementSpacing = 0.787109 0.787109 1.5
DimSize = 512 512 479
ElementType = MET_SHORT
ElementDataFile = 122802.raw
